PATH
  remote: .
  specs:
    charter (0.0.1)
      gruff (~> 0.5.1)

GEM
  remote: https://rubygems.org/
  specs:
    gruff (0.5.1)
      rmagick
    rmagick (2.13.2)
    sqlite3 (1.3.8)

PLATFORMS
  ruby

DEPENDENCIES
  charter!
  sqlite3
